GEM
  remote: https://rubygems.org/
  specs:
    activemodel (6.0.6.1)
      activesupport (= 6.0.6.1)
    activerecord (6.0.6.1)
      activemodel (= 6.0.6.1)
      activesupport (= 6.0.6.1)
    activesupport (6.0.6.1)
      concurrent-ruby (~> 1.0, >= 1.0.2)
      i18n (>= 0.7, < 2)
      minitest (~> 5.1)
      tzinfo (~> 1.1)
      zeitwerk (~> 2.2, >= 2.2.2)
    ast (2.4.1)
    byebug (11.1.3)
    concurrent-ruby (1.1.7)
    diff-lcs (1.4.4)
    i18n (1.8.5)
      concurrent-ruby (~> 1.0)
    kwalify (0.7.2)
    mini_portile2 (2.8.4)
    minitest (5.18.1)
    mysql2 (0.5.3)
    parser (2.7.2.0)
      ast (~> 2.4.1)
    pg (1.2.3)
    psych (3.2.0)
    rainbow (3.0.0)
    rake (12.3.3)
    reek (6.0.2)
      kwalify (~> 0.7.0)
      parser (>= 2.5.0.0, < 2.8, != 2.5.1.1)
      psych (~> 3.1)
      rainbow (>= 2.0, < 4.0)
    rspec (3.10.0)
      rspec-core (~> 3.10.0)
      rspec-expectations (~> 3.10.0)
      rspec-mocks (~> 3.10.0)
    rspec-core (3.10.0)
      rspec-support (~> 3.10.0)
    rspec-expectations (3.10.0)
      diff-lcs (>= 1.2.0, < 2.0)
      rspec-support (~> 3.10.0)
    rspec-mocks (3.10.0)
      diff-lcs (>= 1.2.0, < 2.0)
      rspec-support (~> 3.10.0)
    rspec-support (3.10.0)
    ruby-progressbar (1.10.1)
    sqlite3 (1.6.3)
      mini_portile2 (~> 2.8.0)
    temping (4.0.0)
      activerecord (>= 5.2, < 7.1)
      activesupport (>= 5.2, < 7.1)
    thread_safe (0.3.6)
    tzinfo (1.2.7)
      thread_safe (~> 0.1)
    yard (0.9.25)
    zeitwerk (2.6.8)

PLATFORMS
  ruby

DEPENDENCIES
  activerecord (~> 6.0)
  byebug
  mysql2
  pg
  rake (~> 12.3)
  reek
  rspec (~> 3.8)
  ruby-progressbar
  sqlite3 (~> 1.4)
  temping (~> 4.0)
  yard

BUNDLED WITH
   2.4.8
